GEM
  remote: https://rubygems.org/
  specs:
    mini_portile2 (2.2.0)
    nokogiri (1.8.0)
      mini_portile2 (~> 2.2.0)
    reverse_markdown (1.0.3)
      nokogiri

PLATFORMS
  ruby

DEPENDENCIES
  nokogiri (~> 1.8)
  reverse_markdown (~> 1.0, >= 1.0.3)

BUNDLED WITH
   1.11.2
